PATH
  remote: .
  specs:
    bestliner (0.1.1)

GEM
  remote: https://rubygems.org/
  specs:
    rake (13.0.6)
    rake-compiler (1.2.0)
      rake
    webrick (1.7.0)
    yard (0.9.28)
      webrick (~> 1.7.0)

PLATFORMS
  x86_64-linux

DEPENDENCIES
  bestliner!
  rake-compiler
  yard

BUNDLED WITH
   2.3.18
